GEM
  remote: https://rubygems.org/
  specs:
    addressable (2.3.7)
    app_conf (0.4.2)
    buftok (0.2.0)
    cinch (2.2.4)
    cinch-commands (0.1.0)
      cinch (~> 2.0)
    cinch-identify (1.7.0)
      cinch (~> 2.0)
    cinch-last_seen (0.0.2)
      cinch (~> 2.0)
    equalizer (0.0.9)
    faraday (0.9.1)
      multipart-post (>= 1.2, < 3)
    fastimage (1.6.8)
      addressable (~> 2.3, >= 2.3.5)
    hashie (3.4.0)
    http (0.6.3)
      http_parser.rb (~> 0.6.0)
    http_parser.rb (0.6.0)
    json (1.8.2)
    memoizable (0.4.2)
      thread_safe (~> 0.3, >= 0.3.1)
    metaclass (0.0.4)
    minitest (5.5.1)
    mocha (1.1.0)
      metaclass (~> 0.0.1)
    multi_json (1.10.1)
    multipart-post (2.0.0)
    naught (1.0.0)
    rake (10.4.2)
    redd (0.7.5)
      faraday (~> 0.9.1)
      fastimage (~> 1.6.6)
      hashie (~> 3.4.0)
      multi_json (~> 1.10.1)
    shorturl (1.0.0)
    simple_oauth (0.3.1)
    thread_safe (0.3.4)
    twitter (5.14.0)
      addressable (~> 2.3)
      buftok (~> 0.2.0)
      equalizer (~> 0.0.9)
      faraday (~> 0.9.0)
      http (~> 0.6.0)
      http_parser.rb (~> 0.6.0)
      json (~> 1.8)
      memoizable (~> 0.4.0)
      naught (~> 1.0)
      simple_oauth (~> 0.3.0)

PLATFORMS
  ruby
  x64-mingw32

DEPENDENCIES
  app_conf
  cinch
  cinch-commands
  cinch-identify
  cinch-last_seen
  minitest
  mocha
  rake
  redd
  shorturl
  twitter
